GEM
  remote: http://rubygems.org/
  specs:
    activesupport (3.2.6)
      i18n (~> 0.6)
      multi_json (~> 1.0)
    harvested (0.5.1)
      hashie (~> 1)
      httparty
      json
    hashie (1.2.0)
    httparty (0.8.3)
      multi_json (~> 1.0)
      multi_xml
    i18n (0.6.0)
    json (1.7.3)
    multi_json (1.3.6)
    multi_xml (0.5.1)

PLATFORMS
  ruby

DEPENDENCIES
  activesupport
  harvested
